STORAGE: NONE
NUGET
  remote: https://api.nuget.org/v3/index.json
    Azure.Core (1.39) - restriction: >= netstandard2.0
      Microsoft.Bcl.AsyncInterfaces (>= 1.1.1) - restriction: || (>= net461) (>= netstandard2.0)
      System.ClientModel (>= 1.0) - restriction: || (>= net461) (>= netstandard2.0)
      System.Diagnostics.DiagnosticSource (>= 6.0.1) - restriction: || (>= net461) (>= netstandard2.0)
      System.Memory.Data (>= 1.0.2) - restriction: || (>= net461) (>= netstandard2.0)
      System.Net.Http (>= 4.3.4) - restriction: && (>= net461) (< net472)
      System.Numerics.Vectors (>= 4.5) - restriction: || (>= net461) (>= netstandard2.0)
      System.Runtime.InteropServices.RuntimeInformation (>= 4.3) - restriction: && (>= net461) (< net472)
      System.Text.Encodings.Web (>= 4.7.2) - restriction: || (>= net461) (>= netstandard2.0)
      System.Text.Json (>= 4.7.2) - restriction: || (>= net461) (>= netstandard2.0)
      System.Threading.Tasks.Extensions (>= 4.5.4) - restriction: || (>= net461) (>= netstandard2.0)
    Azure.Identity (1.11.2) - restriction: || (>= net462) (>= netstandard2.0)
      Azure.Core (>= 1.38) - restriction: >= netstandard2.0
      Microsoft.Identity.Client (>= 4.60.3) - restriction: >= netstandard2.0
      Microsoft.Identity.Client.Extensions.Msal (>= 4.60.3) - restriction: >= netstandard2.0
      System.Memory (>= 4.5.4) - restriction: >= netstandard2.0
      System.Security.Cryptography.ProtectedData (>= 4.7) - restriction: >= netstandard2.0
      System.Text.Json (>= 4.7.2) - restriction: >= netstandard2.0
      System.Threading.Tasks.Extensions (>= 4.5.4) - restriction: >= netstandard2.0
    Fable.AST (4.4) - restriction: >= netstandard2.0
    Fable.Browser.Blob (1.4) - restriction: >= netstandard2.0
      Fable.Core (>= 3.2.8) - restriction: >= netstandard2.0
      FSharp.Core (>= 4.7.2) - restriction: >= netstandard2.0
    Fable.Browser.Dom (2.16) - restriction: >= netstandard2.0
      Fable.Browser.Blob (>= 1.3) - restriction: >= netstandard2.0
      Fable.Browser.Event (>= 1.5) - restriction: >= netstandard2.0
      Fable.Browser.WebStorage (>= 1.2) - restriction: >= netstandard2.0
      Fable.Core (>= 3.2.8) - restriction: >= netstandard2.0
      FSharp.Core (>= 4.7.2) - restriction: >= netstandard2.0
    Fable.Browser.Event (1.6) - restriction: >= netstandard2.0
      Fable.Browser.Gamepad (>= 1.3) - restriction: >= netstandard2.0
      Fable.Core (>= 3.2.8) - restriction: >= netstandard2.0
      FSharp.Core (>= 4.7.2) - restriction: >= netstandard2.0
    Fable.Browser.Gamepad (1.3) - restriction: >= netstandard2.0
      Fable.Core (>= 3.2.8) - restriction: >= netstandard2.0
      FSharp.Core (>= 4.7.2) - restriction: >= netstandard2.0
    Fable.Browser.WebStorage (1.3) - restriction: >= netstandard2.0
      Fable.Browser.Event (>= 1.6) - restriction: >= netstandard2.0
      Fable.Core (>= 3.2.8) - restriction: >= netstandard2.0
      FSharp.Core (>= 4.7.2) - restriction: >= netstandard2.0
    Fable.Core (4.3) - restriction: >= netstandard2.0
    Fable.React.Types (18.3) - restriction: >= netstandard2.0
      Fable.Browser.Dom (>= 2.4.4) - restriction: >= netstandard2.0
      Fable.Core (>= 3.2.7) - restriction: >= netstandard2.0
      FSharp.Core (>= 4.7.2) - restriction: >= netstandard2.0
    Fable.ReactDom.Types (18.2) - restriction: >= netstandard2.0
      Fable.React.Types (>= 18.3) - restriction: >= netstandard2.0
      FSharp.Core (>= 4.7.2) - restriction: >= netstandard2.0
    Fable.Remoting.Giraffe (5.19)
      Fable.Remoting.Server (>= 5.37) - restriction: >= net5.0
      FSharp.Core (>= 6.0) - restriction: >= net5.0
      Giraffe (>= 5.0) - restriction: >= net5.0
      Microsoft.IO.RecyclableMemoryStream (>= 3.0 < 4.0) - restriction: >= net5.0
    Fable.Remoting.Json (2.23) - restriction: >= net5.0
      FSharp.Core (>= 6.0) - restriction: || (>= net462) (>= netstandard2.0)
      Newtonsoft.Json (>= 12.0.2) - restriction: || (>= net462) (>= netstandard2.0)
    Fable.Remoting.MsgPack (1.24) - restriction: >= net5.0
      FSharp.Core (>= 4.7.2) - restriction: || (>= net462) (>= netstandard2.0)
    Fable.Remoting.Server (5.37) - restriction: >= net5.0
      Fable.Remoting.Json (>= 2.23) - restriction: || (>= net462) (>= netstandard2.0)
      Fable.Remoting.MsgPack (>= 1.24) - restriction: || (>= net462) (>= netstandard2.0)
      FSharp.Core (>= 6.0) - restriction: || (>= net462) (>= netstandard2.0)
      Microsoft.IO.RecyclableMemoryStream (>= 3.0 < 4.0) - restriction: || (>= net462) (>= netstandard2.0)
    Fantomas.Core (6.3.4) - restriction: >= netstandard2.1
      Fantomas.FCS (>= 6.3.4) - restriction: >= netstandard2.0
      FSharp.Core (>= 6.0.1) - restriction: >= netstandard2.0
    Fantomas.FCS (6.3.4) - restriction: >= netstandard2.1
      FSharp.Core (>= 6.0.1) - restriction: >= netstandard2.0
      System.Collections.Immutable (>= 7.0) - restriction: >= netstandard2.0
      System.Diagnostics.DiagnosticSource (>= 7.0) - restriction: >= netstandard2.0
      System.Memory (>= 4.5.5) - restriction: >= netstandard2.0
      System.Runtime (>= 4.3.1) - restriction: >= netstandard2.0
    Feliz (2.7) - restriction: >= netstandard2.0
      Fable.ReactDom.Types (>= 18.2) - restriction: >= netstandard2.0
      Feliz.CompilerPlugins (>= 2.2) - restriction: >= netstandard2.0
      FSharp.Core (>= 4.7.2) - restriction: >= netstandard2.0
    Feliz.CompilerPlugins (2.2) - restriction: >= netstandard2.0
      Fable.AST (>= 4.2.1) - restriction: >= netstandard2.0
      FSharp.Core (>= 4.7.2) - restriction: >= netstandard2.0
    Feliz.DaisyUI (4.2.1)
      Feliz (>= 2.7) - restriction: >= netstandard2.0
      FSharp.Core (>= 4.7.2) - restriction: >= netstandard2.0
    FSharp.Control.Websockets (0.3) - restriction: >= net6.0
      FSharp.Core (>= 6.0) - restriction: || (>= net461) (>= netstandard2.0)
      Microsoft.IO.RecyclableMemoryStream (>= 3.0) - restriction: || (>= net461) (>= netstandard2.0)
    FSharp.Core (8.0.200)
    Giraffe (6.4)
      FSharp.Core (>= 6.0) - restriction: >= net6.0
      Giraffe.ViewEngine (>= 1.4) - restriction: >= net6.0
      Microsoft.IO.RecyclableMemoryStream (>= 3.0) - restriction: >= net6.0
      Newtonsoft.Json (>= 13.0.3) - restriction: >= net6.0
      System.Text.Json (>= 8.0.3) - restriction: >= net6.0
    Giraffe.ViewEngine (1.4) - restriction: >= net6.0
      FSharp.Core (>= 5.0) - restriction: >= netstandard2.0
    Microsoft.AspNetCore.Authentication.JwtBearer (8.0.4) - restriction: >= net6.0
      Microsoft.IdentityModel.Protocols.OpenIdConnect (>= 7.1.2) - restriction: >= net8.0
    Microsoft.Bcl.AsyncInterfaces (8.0) - restriction: >= netstandard2.0
      System.Threading.Tasks.Extensions (>= 4.5.4) - restriction: || (>= net462) (&& (>= netstandard2.0) (< netstandard2.1))
    Microsoft.Bcl.HashCode (1.1.1) - restriction: && (>= netstandard2.0) (< netstandard2.1)
    Microsoft.CSharp (4.7) - restriction: || (&& (< net461) (>= net462) (>= netstandard2.0)) (&& (< net461) (< net6.0) (>= netstandard2.0)) (&& (>= net462) (>= xamarinios)) (&& (< net6.0) (>= xamarinios))
    Microsoft.Data.SqlClient (5.2)
      Azure.Identity (>= 1.10.3) - restriction: || (>= net462) (>= netstandard2.0)
      Microsoft.Data.SqlClient.SNI (>= 5.2) - restriction: >= net462
      Microsoft.Data.SqlClient.SNI.runtime (>= 5.2) - restriction: || (&& (< net462) (>= netstandard2.0)) (>= netstandard2.1)
      Microsoft.Identity.Client (>= 4.56) - restriction: || (>= net462) (>= netstandard2.0)
      Microsoft.IdentityModel.JsonWebTokens (>= 6.35) - restriction: || (>= net462) (>= netstandard2.0)
      Microsoft.IdentityModel.Protocols.OpenIdConnect (>= 6.35) - restriction: || (>= net462) (>= netstandard2.0)
      Microsoft.SqlServer.Server (>= 1.0) - restriction: || (&& (< net462) (>= netstandard2.0)) (>= netstandard2.1)
      Microsoft.Win32.Registry (>= 5.0) - restriction: || (&& (< net462) (>= netstandard2.0) (< netstandard2.1)) (&& (< net6.0) (>= netstandard2.1))
      System.Buffers (>= 4.5.1) - restriction: || (>= net462) (&& (>= netstandard2.0) (< netstandard2.1))
      System.Configuration.ConfigurationManager (>= 6.0.1) - restriction: || (>= net462) (&& (>= net6.0) (< net8.0)) (&& (< net6.0) (>= netstandard2.1)) (&& (>= netstandard2.0) (< netstandard2.1))
      System.Configuration.ConfigurationManager (>= 8.0) - restriction: >= net8.0
      System.Diagnostics.DiagnosticSource (>= 6.0.1) - restriction: || (&& (< net462) (>= netstandard2.0) (< netstandard2.1)) (&& (< net6.0) (>= netstandard2.1))
      System.Runtime.Caching (>= 6.0) - restriction: || (&& (< net462) (>= netstandard2.0) (< netstandard2.1)) (&& (>= net6.0) (< net8.0)) (&& (< net6.0) (>= netstandard2.1))
      System.Runtime.Caching (>= 8.0) - restriction: >= net8.0
      System.Runtime.InteropServices.RuntimeInformation (>= 4.3) - restriction: >= net462
      System.Runtime.Loader (>= 4.3) - restriction: || (&& (< net462) (>= netstandard2.0) (< netstandard2.1)) (&& (< net6.0) (>= netstandard2.1))
      System.Security.Cryptography.Cng (>= 5.0) - restriction: || (&& (< net462) (>= netstandard2.0) (< netstandard2.1)) (&& (< net6.0) (>= netstandard2.1))
      System.Security.Principal.Windows (>= 5.0) - restriction: || (&& (< net462) (>= netstandard2.0) (< netstandard2.1)) (&& (< net6.0) (>= netstandard2.1))
      System.Text.Encoding.CodePages (>= 6.0) - restriction: || (&& (< net462) (>= netstandard2.0) (< netstandard2.1)) (&& (< net6.0) (>= netstandard2.1))
      System.Text.Encodings.Web (>= 6.0) - restriction: || (>= net462) (&& (< net6.0) (>= netstandard2.1)) (&& (>= netstandard2.0) (< netstandard2.1))
    Microsoft.Data.SqlClient.SNI (5.2) - restriction: >= net462
    Microsoft.Data.SqlClient.SNI.runtime (5.2) - restriction: || (&& (< net462) (>= netstandard2.0)) (>= netstandard2.1)
    Microsoft.Extensions.DependencyInjection.Abstractions (8.0.1) - restriction: >= netstandard2.0
      Microsoft.Bcl.AsyncInterfaces (>= 8.0) - restriction: || (>= net462) (&& (>= netstandard2.0) (< netstandard2.1))
      System.Threading.Tasks.Extensions (>= 4.5.4) - restriction: || (>= net462) (&& (>= netstandard2.0) (< netstandard2.1))
    Microsoft.Extensions.Logging.Abstractions (8.0.1) - restriction: >= netstandard2.0
      Microsoft.Extensions.DependencyInjection.Abstractions (>= 8.0.1) - restriction: || (>= net462) (>= netstandard2.0)
      System.Buffers (>= 4.5.1) - restriction: || (>= net462) (&& (< net6.0) (>= netstandard2.0))
      System.Memory (>= 4.5.5) - restriction: || (>= net462) (&& (< net6.0) (>= netstandard2.0))
    Microsoft.Identity.Client (4.60.3) - restriction: || (>= net462) (>= netstandard2.0)
      Microsoft.CSharp (>= 4.5) - restriction: && (< net6.0) (>= xamarinios)
      Microsoft.Identity.Client.NativeInterop (>= 0.16) - restriction: >= net6.0-windows7.0
      Microsoft.IdentityModel.Abstractions (>= 6.35) - restriction: || (&& (>= monoandroid12.0) (< net6.0)) (&& (< monoandroid12.0) (>= net6.0) (< xamarinios)) (&& (< monoandroid12.0) (< net6.0) (>= netstandard2.0) (< xamarinios)) (>= net462) (&& (< net6.0) (>= xamarinios)) (>= net6.0-android) (>= net6.0-ios) (>= net6.0-windows7.0)
      Microsoft.Web.WebView2 (>= 1.0.864.35) - restriction: >= net6.0-windows7.0
      System.ComponentModel.TypeConverter (>= 4.3) - restriction: && (< net6.0) (>= xamarinios)
      System.Diagnostics.DiagnosticSource (>= 6.0.1) - restriction: || (&& (< monoandroid12.0) (>= net6.0) (< xamarinios)) (&& (< monoandroid12.0) (< net6.0) (>= netstandard2.0) (< xamarinios)) (>= net462) (>= net6.0-windows7.0)
      System.Runtime.InteropServices.NFloat.Internal (>= 6.0.1) - restriction: >= net6.0-ios
      System.Runtime.Serialization.Formatters (>= 4.3) - restriction: && (< net6.0) (>= xamarinios)
      System.Runtime.Serialization.Primitives (>= 4.3) - restriction: && (< net6.0) (>= xamarinios)
      System.Security.SecureString (>= 4.3) - restriction: || (&& (>= monoandroid12.0) (< net6.0)) (&& (< net6.0) (>= xamarinios)) (>= net6.0-android) (>= net6.0-ios)
      System.Xml.XmlDocument (>= 4.3) - restriction: && (< net6.0) (>= xamarinios)
      Xamarin.AndroidX.Browser (>= 1.0) - restriction: && (>= monoandroid12.0) (< net6.0)
    Microsoft.Identity.Client.Extensions.Msal (4.60.3) - restriction: >= netstandard2.0
      Microsoft.Identity.Client (>= 4.60.3) - restriction: >= netstandard2.0
      System.IO.FileSystem.AccessControl (>= 5.0) - restriction: && (< net6.0) (>= netstandard2.0)
      System.Security.Cryptography.ProtectedData (>= 4.5) - restriction: >= netstandard2.0
    Microsoft.Identity.Client.NativeInterop (0.16) - restriction: >= net6.0-windows7.0
    Microsoft.IdentityModel.Abstractions (7.5.1) - restriction: || (>= net462) (>= netstandard2.0)
    Microsoft.IdentityModel.JsonWebTokens (7.5.1) - restriction: || (>= net462) (>= netstandard2.0)
      Microsoft.IdentityModel.Tokens (>= 7.5.1) - restriction: || (&& (>= net461) (< netstandard2.0)) (&& (< net461) (>= netstandard2.0)) (>= net462) (>= net6.0)
      System.Text.Encodings.Web (>= 4.7.2) - restriction: || (&& (>= net461) (< netstandard2.0)) (&& (< net461) (< net6.0) (>= netstandard2.0)) (>= net462)
      System.Text.Json (>= 4.7.2) - restriction: || (&& (>= net461) (< netstandard2.0)) (&& (< net461) (< net6.0) (>= netstandard2.0)) (>= net462)
    Microsoft.IdentityModel.Logging (7.5.1) - restriction: || (&& (< net461) (>= netstandard2.0)) (>= net462) (>= net6.0)
      Microsoft.IdentityModel.Abstractions (>= 7.5.1) - restriction: || (&& (>= net461) (< netstandard2.0)) (&& (< net461) (>= netstandard2.0)) (>= net462) (>= net6.0)
    Microsoft.IdentityModel.Protocols (7.5.1) - restriction: || (&& (< net461) (>= netstandard2.0)) (>= net462) (>= net6.0)
      Microsoft.IdentityModel.Tokens (>= 7.5.1) - restriction: || (&& (>= net461) (< netstandard2.0)) (&& (< net461) (>= netstandard2.0)) (>= net462) (>= net6.0)
    Microsoft.IdentityModel.Protocols.OpenIdConnect (7.5.1) - restriction: || (>= net462) (>= netstandard2.0)
      Microsoft.IdentityModel.Protocols (>= 7.5.1) - restriction: || (&& (>= net461) (< netstandard2.0)) (&& (< net461) (>= netstandard2.0)) (>= net462) (>= net6.0)
      System.IdentityModel.Tokens.Jwt (>= 7.5.1) - restriction: || (&& (>= net461) (< netstandard2.0)) (&& (< net461) (>= netstandard2.0)) (>= net462) (>= net6.0)
      System.Text.Encodings.Web (>= 4.7.2) - restriction: || (&& (>= net461) (< netstandard2.0)) (&& (< net461) (< net6.0) (>= netstandard2.0)) (>= net462)
      System.Text.Json (>= 4.7.2) - restriction: || (&& (>= net461) (< netstandard2.0)) (&& (< net461) (< net6.0) (>= netstandard2.0)) (>= net462)
    Microsoft.IdentityModel.Tokens (7.5.1) - restriction: || (&& (< net461) (>= netstandard2.0)) (>= net462) (>= net6.0)
      Microsoft.CSharp (>= 4.5) - restriction: && (< net461) (< net6.0) (>= netstandard2.0)
      Microsoft.IdentityModel.Logging (>= 7.5.1) - restriction: || (&& (>= net461) (< netstandard2.0)) (&& (< net461) (>= netstandard2.0)) (>= net462) (>= net6.0)
      System.Memory (>= 4.5.5) - restriction: || (&& (>= net461) (< netstandard2.0)) (>= net462)
      System.Security.Cryptography.Cng (>= 4.5) - restriction: && (< net461) (< net6.0) (>= netstandard2.0)
      System.Text.Encodings.Web (>= 4.7.2) - restriction: || (&& (>= net461) (< netstandard2.0)) (&& (< net461) (< net6.0) (>= netstandard2.0)) (>= net462)
      System.Text.Json (>= 4.7.2) - restriction: || (&& (>= net461) (< netstandard2.0)) (&& (< net461) (< net6.0) (>= netstandard2.0)) (>= net462)
    Microsoft.IO.RecyclableMemoryStream (3.0) - restriction: >= net5.0
    Microsoft.NETCore.Platforms (7.0.4) - restriction: || (&& (< monoandroid) (< net45) (< netstandard1.2) (>= netstandard2.0) (< win8)) (&& (< monoandroid) (< net45) (< netstandard1.3) (>= netstandard2.0) (< win8) (< wpa81)) (&& (< monoandroid) (< net45) (< netstandard1.5) (>= netstandard2.0) (< win8) (< wpa81)) (&& (< monoandroid) (< net45) (>= netstandard2.0) (< win8) (< wpa81) (< xamarinios) (< xamarinmac) (< xamarintvos) (< xamarinwatchos)) (&& (< monoandroid) (< netstandard1.2) (>= netstandard2.1)) (&& (< monoandroid) (< netstandard1.3) (>= netstandard2.1)) (&& (< monoandroid) (< netstandard1.5) (>= netstandard2.1)) (&& (< net45) (>= netstandard2.0) (< netstandard2.1) (< win8) (< wpa81) (< xamarintvos) (< xamarinwatchos)) (&& (< net6.0) (>= netstandard2.1) (< xamarinios) (< xamarinmac) (< xamarintvos) (< xamarinwatchos)) (&& (>= netcoreapp2.0) (< netcoreapp2.1) (>= netstandard2.1)) (&& (>= netcoreapp2.0) (< netcoreapp2.1) (< netstandard2.1)) (&& (>= netcoreapp2.1) (< netcoreapp3.0) (>= netstandard2.1)) (&& (>= netcoreapp2.1) (< netstandard2.1))
    Microsoft.NETCore.Targets (5.0) - restriction: || (&& (< monoandroid) (< net45) (< netstandard1.2) (>= netstandard2.0) (< win8)) (&& (< monoandroid) (< net45) (< netstandard1.3) (>= netstandard2.0) (< win8) (< wpa81)) (&& (< monoandroid) (< net45) (< netstandard1.5) (>= netstandard2.0) (< win8) (< wpa81)) (&& (< monoandroid) (< net45) (>= netstandard2.0) (< win8) (< wpa81) (< xamarinios) (< xamarinmac) (< xamarintvos) (< xamarinwatchos)) (&& (< monoandroid) (< netstandard1.2) (>= netstandard2.1)) (&& (< monoandroid) (< netstandard1.3) (>= netstandard2.1)) (&& (< monoandroid) (< netstandard1.5) (>= netstandard2.1)) (&& (< net45) (>= netstandard2.0) (< netstandard2.1) (< win8) (< wpa81) (< xamarintvos) (< xamarinwatchos)) (&& (< net6.0) (>= netstandard2.1) (< xamarinios) (< xamarinmac) (< xamarintvos) (< xamarinwatchos))
    Microsoft.SqlServer.Server (1.0) - restriction: || (&& (< net462) (>= netstandard2.0)) (>= netstandard2.1)
    Microsoft.Web.WebView2 (1.0.2478.35) - restriction: >= net6.0-windows7.0
    Microsoft.Win32.Registry (5.0) - restriction: || (&& (< net462) (>= netstandard2.0) (< netstandard2.1)) (&& (< net6.0) (>= netstandard2.1))
      System.Buffers (>= 4.5.1) - restriction: || (&& (>= monoandroid) (< netstandard1.3)) (>= monotouch) (&& (< net46) (< netcoreapp2.0) (>= netstandard2.0)) (>= xamarinios) (>= xamarinmac) (>= xamarintvos) (>= xamarinwatchos)
      System.Memory (>= 4.5.4) - restriction: || (&& (< monoandroid) (>= netcoreapp2.0) (< netcoreapp2.1) (< xamarinios) (< xamarinmac) (< xamarintvos) (< xamarinwatchos)) (&& (< net46) (< netcoreapp2.0) (>= netstandard2.0) (< xamarinios) (< xamarinmac) (< xamarintvos) (< xamarinwatchos)) (>= uap10.1)
      System.Security.AccessControl (>= 5.0) - restriction: || (&& (>= monoandroid) (< netstandard1.3)) (&& (< monoandroid) (>= netcoreapp2.0)) (>= monotouch) (&& (< net46) (< netcoreapp2.0) (>= netstandard2.0)) (>= net461) (>= netcoreapp2.1) (>= uap10.1) (>= xamarinios) (>= xamarinmac) (>= xamarintvos) (>= xamarinwatchos)
      System.Security.Principal.Windows (>= 5.0) - restriction: || (&& (>= monoandroid) (< netstandard1.3)) (&& (< monoandroid) (>= netcoreapp2.0)) (>= monotouch) (&& (< net46) (< netcoreapp2.0) (>= netstandard2.0)) (>= net461) (>= netcoreapp2.1) (>= uap10.1) (>= xamarinios) (>= xamarinmac) (>= xamarintvos) (>= xamarinwatchos)
    Myriad.Core (0.8.3) - restriction: >= netstandard2.0
      Fantomas.Core (>= 6.1.1) - restriction: >= netstandard2.1
    Newtonsoft.Json (13.0.3) - restriction: >= net5.0
    Npgsql (8.0.2)
      Microsoft.Bcl.HashCode (>= 1.1.1) - restriction: && (>= netstandard2.0) (< netstandard2.1)
      Microsoft.Extensions.Logging.Abstractions (>= 8.0) - restriction: >= netstandard2.0
      System.Collections.Immutable (>= 8.0) - restriction: || (&& (< net6.0) (>= netstandard2.1)) (&& (>= netstandard2.0) (< netstandard2.1))
      System.Diagnostics.DiagnosticSource (>= 8.0) - restriction: || (&& (>= net6.0) (< net7.0)) (&& (< net6.0) (>= netstandard2.1)) (&& (>= netstandard2.0) (< netstandard2.1))
      System.Runtime.CompilerServices.Unsafe (>= 6.0) - restriction: || (&& (>= net6.0) (< net7.0)) (&& (< net6.0) (>= netstandard2.1)) (&& (>= netstandard2.0) (< netstandard2.1))
      System.Text.Json (>= 8.0) - restriction: || (&& (>= net6.0) (< net7.0)) (&& (< net6.0) (>= netstandard2.1)) (&& (>= netstandard2.0) (< netstandard2.1))
      System.Threading.Channels (>= 8.0) - restriction: || (&& (< net6.0) (>= netstandard2.1)) (&& (>= netstandard2.0) (< netstandard2.1))
    Saturn (0.17)
      FSharp.Control.Websockets (>= 0.2.2) - restriction: >= net6.0
      Giraffe (>= 6.4) - restriction: >= net6.0
      Microsoft.AspNetCore.Authentication.JwtBearer (>= 6.0.3) - restriction: >= net6.0
    SqlHydra (0.10)
      FSharp.Core (>= 5.0) - restriction: >= netstandard2.0
      Myriad.Core (>= 0.5) - restriction: >= netstandard2.0
    SqlHydra.Query (2.4.1)
      FSharp.Core (>= 6.0.7) - restriction: || (&& (>= net6.0) (< net7.0)) (&& (< net6.0) (>= netstandard2.0))
      FSharp.Core (>= 7.0.200) - restriction: >= net7.0
      SqlKata (>= 2.4) - restriction: >= netstandard2.0
    SqlKata (2.4) - restriction: >= netstandard2.0
      System.Collections.Concurrent (>= 4.3) - restriction: >= netstandard2.0
    System.Buffers (4.5.1) - restriction: || (&& (>= monoandroid) (< netstandard1.1) (>= netstandard2.0)) (&& (>= monoandroid) (< netstandard1.3) (>= netstandard2.0)) (&& (>= monoandroid) (< netstandard1.3) (>= netstandard2.1)) (&& (< monoandroid) (< netstandard1.1) (>= netstandard2.0) (< win8)) (&& (>= monotouch) (>= netstandard2.0)) (&& (>= monotouch) (>= netstandard2.1)) (&& (< net45) (< netcoreapp2.0) (>= netstandard2.0)) (&& (>= net461) (>= netstandard2.0)) (>= net462) (&& (< net6.0) (>= netcoreapp3.0) (< xamarinios) (< xamarinmac) (< xamarintvos) (< xamarinwatchos)) (&& (< net6.0) (>= netstandard2.0)) (&& (< net6.0) (>= netstandard2.1)) (&& (< net6.0) (>= xamarinios)) (&& (< net6.0) (>= xamarinmac)) (&& (< netcoreapp2.0) (>= netstandard2.1)) (&& (>= netcoreapp3.0) (< netstandard2.1) (< xamarintvos) (< xamarinwatchos)) (&& (< netstandard1.1) (>= netstandard2.0) (>= win8)) (&& (>= netstandard2.0) (< netstandard2.1)) (&& (< netstandard2.1) (>= xamarinios)) (&& (< netstandard2.1) (>= xamarinmac))
    System.ClientModel (1.0) - restriction: >= netstandard2.0
      System.Memory.Data (>= 1.0.2) - restriction: >= netstandard2.0
      System.Text.Json (>= 4.7.2) - restriction: >= netstandard2.0
    System.Collections (4.3) - restriction: && (< monoandroid) (< net45) (>= netstandard2.0) (< win8) (< wpa81) (< xamarinios) (< xamarinmac) (< xamarintvos) (< xamarinwatchos)
      Microsoft.NETCore.Platforms (>= 1.1) - restriction: || (&& (< monoandroid) (< monotouch) (< net45) (>= netstandard1.3) (< win8) (< wpa81) (< xamarinios) (< xamarinmac) (< xamarintvos) (< xamarinwatchos)) (&& (< monoandroid) (< net45) (>= netstandard1.0) (< netstandard1.3) (< win8) (< wp8) (< wpa81))
      Microsoft.NETCore.Targets (>= 1.1) - restriction: || (&& (< monoandroid) (< monotouch) (< net45) (>= netstandard1.3) (< win8) (< wpa81) (< xamarinios) (< xamarinmac) (< xamarintvos) (< xamarinwatchos)) (&& (< monoandroid) (< net45) (>= netstandard1.0) (< netstandard1.3) (< win8) (< wp8) (< wpa81))
      System.Runtime (>= 4.3) - restriction: || (&& (< monoandroid) (< monotouch) (< net45) (>= netstandard1.3) (< win8) (< wpa81) (< xamarinios) (< xamarinmac) (< xamarintvos) (< xamarinwatchos)) (&& (< monoandroid) (< net45) (>= netstandard1.0) (< netstandard1.3) (< win8) (< wp8) (< wpa81))
    System.Collections.Concurrent (4.3) - restriction: >= netstandard2.0
      System.Collections (>= 4.3) - restriction: && (< monoandroid) (< monotouch) (< net45) (>= netstandard1.3) (< win8) (< wpa81) (< xamarinios) (< xamarinmac) (< xamarintvos) (< xamarinwatchos)
      System.Diagnostics.Debug (>= 4.3) - restriction: && (< monoandroid) (< monotouch) (< net45) (>= netstandard1.3) (< win8) (< wpa81) (< xamarinios) (< xamarinmac) (< xamarintvos) (< xamarinwatchos)
      System.Diagnostics.Tracing (>= 4.3) - restriction: && (< monoandroid) (< monotouch) (< net45) (>= netstandard1.3) (< win8) (< wpa81) (< xamarinios) (< xamarinmac) (< xamarintvos) (< xamarinwatchos)
      System.Globalization (>= 4.3) - restriction: && (< monoandroid) (< monotouch) (< net45) (>= netstandard1.3) (< win8) (< wpa81) (< xamarinios) (< xamarinmac) (< xamarintvos) (< xamarinwatchos)
      System.Reflection (>= 4.3) - restriction: && (< monoandroid) (< monotouch) (< net45) (>= netstandard1.3) (< win8) (< wpa81) (< xamarinios) (< xamarinmac) (< xamarintvos) (< xamarinwatchos)
      System.Resources.ResourceManager (>= 4.3) - restriction: && (< monoandroid) (< monotouch) (< net45) (>= netstandard1.3) (< win8) (< wpa81) (< xamarinios) (< xamarinmac) (< xamarintvos) (< xamarinwatchos)
      System.Runtime (>= 4.3) - restriction: || (&& (< monoandroid) (< monotouch) (< net45) (>= netstandard1.3) (< win8) (< wpa81) (< xamarinios) (< xamarinmac) (< xamarintvos) (< xamarinwatchos)) (&& (< monoandroid) (< net45) (>= netstandard1.1) (< netstandard1.3) (< win8) (< wpa81))
      System.Runtime.Extensions (>= 4.3) - restriction: && (< monoandroid) (< monotouch) (< net45) (>= netstandard1.3) (< win8) (< wpa81) (< xamarinios) (< xamarinmac) (< xamarintvos) (< xamarinwatchos)
      System.Threading (>= 4.3) - restriction: && (< monoandroid) (< monotouch) (< net45) (>= netstandard1.3) (< win8) (< wpa81) (< xamarinios) (< xamarinmac) (< xamarintvos) (< xamarinwatchos)
      System.Threading.Tasks (>= 4.3) - restriction: || (&& (< monoandroid) (< monotouch) (< net45) (>= netstandard1.3) (< win8) (< wpa81) (< xamarinios) (< xamarinmac) (< xamarintvos) (< xamarinwatchos)) (&& (< monoandroid) (< net45) (>= netstandard1.1) (< netstandard1.3) (< win8) (< wpa81))
    System.Collections.Immutable (8.0) - restriction: || (&& (< net6.0) (>= netstandard2.1)) (>= netstandard2.0)
      System.Memory (>= 4.5.5) - restriction: || (>= net462) (&& (< net6.0) (>= netstandard2.0))
      System.Runtime.CompilerServices.Unsafe (>= 6.0) - restriction: || (>= net462) (&& (>= net6.0) (< net7.0)) (&& (< net6.0) (>= netstandard2.0))
    System.ComponentModel.TypeConverter (4.3) - restriction: || (&& (>= net462) (>= xamarinios)) (&& (< net6.0) (>= xamarinios))
    System.Configuration.ConfigurationManager (8.0) - restriction: || (>= net462) (>= netstandard2.0)
      System.Diagnostics.EventLog (>= 8.0) - restriction: >= net7.0
      System.Security.Cryptography.ProtectedData (>= 8.0) - restriction: || (&& (< net462) (>= netstandard2.0)) (>= net6.0)
    System.Diagnostics.Debug (4.3) - restriction: && (< monoandroid) (< net45) (>= netstandard2.0) (< win8) (< wpa81) (< xamarinios) (< xamarinmac) (< xamarintvos) (< xamarinwatchos)
      Microsoft.NETCore.Platforms (>= 1.1) - restriction: || (&& (< monoandroid) (< monotouch) (< net45) (>= netstandard1.3) (< win8) (< wpa81) (< xamarinios) (< xamarinmac) (< xamarintvos) (< xamarinwatchos)) (&& (< monoandroid) (< net45) (>= netstandard1.0) (< netstandard1.3) (< win8) (< wp8) (< wpa81))
      Microsoft.NETCore.Targets (>= 1.1) - restriction: || (&& (< monoandroid) (< monotouch) (< net45) (>= netstandard1.3) (< win8) (< wpa81) (< xamarinios) (< xamarinmac) (< xamarintvos) (< xamarinwatchos)) (&& (< monoandroid) (< net45) (>= netstandard1.0) (< netstandard1.3) (< win8) (< wp8) (< wpa81))
      System.Runtime (>= 4.3) - restriction: || (&& (< monoandroid) (< monotouch) (< net45) (>= netstandard1.3) (< win8) (< wpa81) (< xamarinios) (< xamarinmac) (< xamarintvos) (< xamarinwatchos)) (&& (< monoandroid) (< net45) (>= netstandard1.0) (< netstandard1.3) (< win8) (< wp8) (< wpa81))
    System.Diagnostics.DiagnosticSource (8.0.1) - restriction: || (&& (< monoandroid12.0) (>= net6.0) (< xamarinios)) (>= net462) (&& (>= net6.0) (< net7.0)) (&& (< net6.0) (>= netstandard2.1)) (>= netstandard2.0)
      System.Memory (>= 4.5.5) - restriction: || (>= net462) (&& (< net6.0) (>= netstandard2.0))
      System.Runtime.CompilerServices.Unsafe (>= 6.0) - restriction: || (>= net462) (&& (>= net6.0) (< net7.0)) (&& (< net6.0) (>= netstandard2.0))
    System.Diagnostics.EventLog (8.0) - restriction: >= net7.0
    System.Diagnostics.Tracing (4.3) - restriction: && (< monoandroid) (< net45) (>= netstandard2.0) (< win8) (< wpa81) (< xamarinios) (< xamarinmac) (< xamarintvos) (< xamarinwatchos)
      Microsoft.NETCore.Platforms (>= 1.1) - restriction: || (&& (< monoandroid) (< net45) (>= netstandard1.1) (< netstandard1.2) (< win8)) (&& (< monoandroid) (< net45) (>= netstandard1.2) (< netstandard1.3) (< win8) (< wpa81)) (&& (< monoandroid) (< net45) (>= netstandard1.3) (< netstandard1.5) (< win8) (< wpa81)) (&& (< monotouch) (< net45) (>= netstandard1.5) (< win8) (< wpa81) (< xamarinios) (< xamarinmac) (< xamarintvos) (< xamarinwatchos))
      Microsoft.NETCore.Targets (>= 1.1) - restriction: || (&& (< monoandroid) (< net45) (>= netstandard1.1) (< netstandard1.2) (< win8)) (&& (< monoandroid) (< net45) (>= netstandard1.2) (< netstandard1.3) (< win8) (< wpa81)) (&& (< monoandroid) (< net45) (>= netstandard1.3) (< netstandard1.5) (< win8) (< wpa81)) (&& (< monotouch) (< net45) (>= netstandard1.5) (< win8) (< wpa81) (< xamarinios) (< xamarinmac) (< xamarintvos) (< xamarinwatchos))
      System.Runtime (>= 4.3) - restriction: || (&& (< monoandroid) (< net45) (>= netstandard1.1) (< netstandard1.2) (< win8)) (&& (< monoandroid) (< net45) (>= netstandard1.2) (< netstandard1.3) (< win8) (< wpa81)) (&& (< monoandroid) (< net45) (>= netstandard1.3) (< netstandard1.5) (< win8) (< wpa81)) (&& (< monotouch) (< net45) (>= netstandard1.5) (< win8) (< wpa81) (< xamarinios) (< xamarinmac) (< xamarintvos) (< xamarinwatchos))
    System.Formats.Asn1 (8.0) - restriction: || (&& (< net6.0) (>= netcoreapp3.0) (< xamarinios) (< xamarinmac) (< xamarintvos) (< xamarinwatchos)) (&& (>= netcoreapp3.0) (< netstandard2.1) (< xamarintvos) (< xamarinwatchos))
      System.Buffers (>= 4.5.1) - restriction: || (>= net462) (&& (< net6.0) (>= netstandard2.0))
      System.Memory (>= 4.5.5) - restriction: || (>= net462) (&& (< net6.0) (>= netstandard2.0))
    System.Globalization (4.3) - restriction: && (< monoandroid) (< net45) (>= netstandard2.0) (< win8) (< wpa81) (< xamarinios) (< xamarinmac) (< xamarintvos) (< xamarinwatchos)
      Microsoft.NETCore.Platforms (>= 1.1) - restriction: || (&& (< monoandroid) (< monotouch) (< net45) (>= netstandard1.3) (< win8) (< wpa81) (< xamarinios) (< xamarinmac) (< xamarintvos) (< xamarinwatchos)) (&& (< monoandroid) (< net45) (>= netstandard1.0) (< netstandard1.3) (< win8) (< wp8) (< wpa81))
      Microsoft.NETCore.Targets (>= 1.1) - restriction: || (&& (< monoandroid) (< monotouch) (< net45) (>= netstandard1.3) (< win8) (< wpa81) (< xamarinios) (< xamarinmac) (< xamarintvos) (< xamarinwatchos)) (&& (< monoandroid) (< net45) (>= netstandard1.0) (< netstandard1.3) (< win8) (< wp8) (< wpa81))
      System.Runtime (>= 4.3) - restriction: || (&& (< monoandroid) (< monotouch) (< net45) (>= netstandard1.3) (< win8) (< wpa81) (< xamarinios) (< xamarinmac) (< xamarintvos) (< xamarinwatchos)) (&& (< monoandroid) (< net45) (>= netstandard1.0) (< netstandard1.3) (< win8) (< wp8) (< wpa81))
    System.IdentityModel.Tokens.Jwt (7.5.1) - restriction: || (&& (< net461) (>= netstandard2.0)) (>= net462) (>= net6.0)
      Microsoft.IdentityModel.JsonWebTokens (>= 7.5.1) - restriction: || (&& (>= net461) (< netstandard2.0)) (&& (< net461) (>= netstandard2.0)) (>= net462) (>= net6.0)
      Microsoft.IdentityModel.Tokens (>= 7.5.1) - restriction: || (&& (>= net461) (< netstandard2.0)) (&& (< net461) (>= netstandard2.0)) (>= net462) (>= net6.0)
    System.IO (4.3) - restriction: || (&& (< monoandroid) (< net45) (< netstandard1.3) (>= netstandard2.0) (< win8) (< wpa81)) (&& (< monoandroid) (< net45) (< netstandard1.5) (>= netstandard2.0) (< win8) (< wpa81)) (&& (< monoandroid) (< netstandard1.3) (>= netstandard2.1)) (&& (< monoandroid) (< netstandard1.5) (>= netstandard2.1)) (&& (< net45) (>= net461) (>= netstandard2.0)) (&& (< net45) (>= net463) (>= netstandard2.0)) (&& (< net45) (>= netstandard2.0) (< netstandard2.1) (< win8) (< wpa81) (< xamarintvos) (< xamarinwatchos)) (&& (< net46) (>= net461) (>= netstandard2.0)) (&& (< net46) (>= net463) (>= netstandard2.0)) (&& (< net462) (>= netstandard2.0) (< netstandard2.1) (< xamarintvos) (< xamarinwatchos)) (&& (>= net463) (< net472) (>= netstandard2.0)) (&& (>= net463) (< netstandard1.4) (>= netstandard2.0)) (&& (< net6.0) (>= netstandard2.1) (< xamarinios) (< xamarinmac) (< xamarintvos) (< xamarinwatchos))
      Microsoft.NETCore.Platforms (>= 1.1) - restriction: || (&& (< monoandroid) (< net45) (>= netstandard1.0) (< netstandard1.3) (< win8) (< wp8) (< wpa81)) (&& (< monoandroid) (< net45) (>= netstandard1.3) (< netstandard1.5) (< win8) (< wpa81)) (&& (< monotouch) (< net45) (>= netstandard1.5) (< win8) (< wpa81) (< xamarinios) (< xamarinmac) (< xamarintvos) (< xamarinwatchos))
      Microsoft.NETCore.Targets (>= 1.1) - restriction: || (&& (< monoandroid) (< net45) (>= netstandard1.0) (< netstandard1.3) (< win8) (< wp8) (< wpa81)) (&& (< monoandroid) (< net45) (>= netstandard1.3) (< netstandard1.5) (< win8) (< wpa81)) (&& (< monotouch) (< net45) (>= netstandard1.5) (< win8) (< wpa81) (< xamarinios) (< xamarinmac) (< xamarintvos) (< xamarinwatchos))
      System.Runtime (>= 4.3) - restriction: || (&& (< monoandroid) (< net45) (>= netstandard1.0) (< netstandard1.3) (< win8) (< wp8) (< wpa81)) (&& (< monoandroid) (< net45) (>= netstandard1.3) (< netstandard1.5) (< win8) (< wpa81)) (&& (< monotouch) (< net45) (>= netstandard1.5) (< win8) (< wpa81) (< xamarinios) (< xamarinmac) (< xamarintvos) (< xamarinwatchos))
      System.Text.Encoding (>= 4.3) - restriction: || (&& (< monoandroid) (< net45) (>= netstandard1.0) (< netstandard1.3) (< win8) (< wp8) (< wpa81)) (&& (< monoandroid) (< net45) (>= netstandard1.3) (< netstandard1.5) (< win8) (< wpa81)) (&& (< monotouch) (< net45) (>= netstandard1.5) (< win8) (< wpa81) (< xamarinios) (< xamarinmac) (< xamarintvos) (< xamarinwatchos))
      System.Threading.Tasks (>= 4.3) - restriction: || (&& (< monoandroid) (< net45) (>= netstandard1.0) (< netstandard1.3) (< win8) (< wp8) (< wpa81)) (&& (< monoandroid) (< net45) (>= netstandard1.3) (< netstandard1.5) (< win8) (< wpa81)) (&& (< monotouch) (< net45) (>= netstandard1.5) (< win8) (< wpa81) (< xamarinios) (< xamarinmac) (< xamarintvos) (< xamarinwatchos))
    System.IO.FileSystem.AccessControl (5.0) - restriction: && (< net6.0) (>= netstandard2.0)
      System.Buffers (>= 4.5.1) - restriction: || (&& (>= monoandroid) (< netstandard1.3)) (>= monotouch) (&& (< net46) (< netcoreapp2.0) (>= netstandard2.0)) (>= xamarinios) (>= xamarinmac) (>= xamarintvos) (>= xamarinwatchos)
      System.Memory (>= 4.5.4) - restriction: || (&& (< monoandroid) (>= netcoreapp2.0) (< netcoreapp2.1) (< xamarinios) (< xamarinmac) (< xamarintvos) (< xamarinwatchos)) (&& (< net46) (< netcoreapp2.0) (>= netstandard2.0) (< xamarinios) (< xamarinmac) (< xamarintvos) (< xamarinwatchos)) (>= uap10.1)
      System.Security.AccessControl (>= 5.0) - restriction: || (&& (>= monoandroid) (< netstandard1.3)) (&& (< monoandroid) (< net46) (>= netstandard1.3) (< netstandard2.0)) (&& (< monoandroid) (>= netcoreapp2.0)) (>= monotouch) (&& (>= net46) (< netstandard2.0)) (&& (< net46) (< netcoreapp2.0) (>= netstandard2.0)) (>= net461) (>= netcoreapp2.1) (>= uap10.1) (>= xamarinios) (>= xamarinmac) (>= xamarintvos) (>= xamarinwatchos)
      System.Security.Principal.Windows (>= 5.0) - restriction: || (&& (>= monoandroid) (< netstandard1.3)) (&& (< monoandroid) (< net46) (>= netstandard1.3) (< netstandard2.0)) (&& (< monoandroid) (>= netcoreapp2.0)) (>= monotouch) (&& (>= net46) (< netstandard2.0)) (&& (< net46) (< netcoreapp2.0) (>= netstandard2.0)) (>= net461) (>= netcoreapp2.1) (>= uap10.1) (>= xamarinios) (>= xamarinmac) (>= xamarintvos) (>= xamarinwatchos)
    System.Memory (4.5.5) - restriction: || (&& (< monoandroid) (>= netcoreapp2.0) (< netcoreapp2.1) (< xamarintvos) (< xamarinwatchos)) (&& (>= net461) (>= net6.0)) (>= net462) (&& (< net6.0) (>= netstandard2.1)) (&& (< netcoreapp2.0) (>= netstandard2.1) (< xamarinios) (< xamarinmac) (< xamarintvos) (< xamarinwatchos)) (&& (>= netcoreapp3.0) (< xamarintvos) (< xamarinwatchos)) (>= netstandard2.0) (&& (>= netstandard2.1) (>= uap10.1))
      System.Buffers (>= 4.5.1) - restriction: || (&& (>= monoandroid) (< netstandard1.1)) (&& (< monoandroid) (< net45) (>= netstandard1.1) (< netstandard2.0) (< win8) (< wpa81)) (&& (< monoandroid) (< netstandard1.1) (>= portable-net45+win8+wpa81) (< win8)) (>= monotouch) (&& (>= net45) (< netstandard2.0)) (&& (< net45) (< netcoreapp2.0) (>= netstandard2.0)) (>= net461) (&& (< netstandard1.1) (>= win8)) (&& (< netstandard2.0) (< uap10.1) (>= wpa81)) (>= xamarinios) (>= xamarinmac) (>= xamarintvos) (>= xamarinwatchos)
      System.Numerics.Vectors (>= 4.4) - restriction: && (< net45) (< netcoreapp2.0) (>= netstandard2.0) (< xamarinios) (< xamarinmac) (< xamarintvos) (< xamarinwatchos)
      System.Numerics.Vectors (>= 4.5) - restriction: >= net461
      System.Runtime.CompilerServices.Unsafe (>= 4.5.3) - restriction: || (&& (>= monoandroid) (< netstandard1.1)) (&& (< monoandroid) (< net45) (>= netstandard1.1) (< netstandard2.0) (< win8) (< wpa81)) (&& (< monoandroid) (>= netcoreapp2.0) (< netcoreapp2.1)) (&& (< monoandroid) (< netstandard1.1) (>= portable-net45+win8+wpa81) (< win8)) (>= monotouch) (&& (>= net45) (< netstandard2.0)) (&& (< net45) (< netcoreapp2.0) (>= netstandard2.0)) (>= net461) (&& (< netstandard1.1) (>= win8)) (&& (< netstandard2.0) (>= wpa81)) (>= uap10.1) (>= xamarinios) (>= xamarinmac) (>= xamarintvos) (>= xamarinwatchos)
    System.Memory.Data (8.0) - restriction: >= netstandard2.0
      System.Memory (>= 4.5.5) - restriction: || (>= net462) (&& (< net6.0) (>= netstandard2.0))
      System.Text.Json (>= 8.0) - restriction: || (>= net462) (>= netstandard2.0)
    System.Net.Http (4.3.4) - restriction: && (>= net461) (< net472) (>= netstandard2.0)
      System.Security.Cryptography.X509Certificates (>= 4.3) - restriction: || (&& (< monoandroid) (< net45) (>= netstandard1.3) (< netstandard1.6) (< win8) (< wpa81)) (&& (< monotouch) (< net45) (>= netstandard1.6) (< xamarinios) (< xamarinmac) (< xamarintvos) (< xamarinwatchos)) (>= net46)
    System.Numerics.Vectors (4.5) - restriction: >= netstandard2.0
    System.Reflection (4.3) - restriction: || (&& (< monoandroid) (< net45) (>= netstandard2.0) (< win8) (< wpa81) (< xamarinios) (< xamarinmac) (< xamarintvos) (< xamarinwatchos)) (&& (< net462) (>= netstandard2.0) (< netstandard2.1) (< xamarintvos) (< xamarinwatchos)) (&& (< net6.0) (>= netstandard2.1) (< xamarinios) (< xamarinmac) (< xamarintvos) (< xamarinwatchos))
      Microsoft.NETCore.Platforms (>= 1.1) - restriction: || (&& (< monoandroid) (< net45) (>= netstandard1.0) (< netstandard1.3) (< win8) (< wp8) (< wpa81)) (&& (< monoandroid) (< net45) (>= netstandard1.3) (< netstandard1.5) (< win8) (< wpa81)) (&& (< monotouch) (< net45) (>= netstandard1.5) (< win8) (< wpa81) (< xamarinios) (< xamarinmac) (< xamarintvos) (< xamarinwatchos))
      Microsoft.NETCore.Targets (>= 1.1) - restriction: || (&& (< monoandroid) (< net45) (>= netstandard1.0) (< netstandard1.3) (< win8) (< wp8) (< wpa81)) (&& (< monoandroid) (< net45) (>= netstandard1.3) (< netstandard1.5) (< win8) (< wpa81)) (&& (< monotouch) (< net45) (>= netstandard1.5) (< win8) (< wpa81) (< xamarinios) (< xamarinmac) (< xamarintvos) (< xamarinwatchos))
      System.IO (>= 4.3) - restriction: || (&& (< monoandroid) (< net45) (>= netstandard1.0) (< netstandard1.3) (< win8) (< wp8) (< wpa81)) (&& (< monoandroid) (< net45) (>= netstandard1.3) (< netstandard1.5) (< win8) (< wpa81)) (&& (< monotouch) (< net45) (>= netstandard1.5) (< win8) (< wpa81) (< xamarinios) (< xamarinmac) (< xamarintvos) (< xamarinwatchos))
      System.Reflection.Primitives (>= 4.3) - restriction: || (&& (< monoandroid) (< net45) (>= netstandard1.0) (< netstandard1.3) (< win8) (< wp8) (< wpa81)) (&& (< monoandroid) (< net45) (>= netstandard1.3) (< netstandard1.5) (< win8) (< wpa81)) (&& (< monotouch) (< net45) (>= netstandard1.5) (< win8) (< wpa81) (< xamarinios) (< xamarinmac) (< xamarintvos) (< xamarinwatchos))
      System.Runtime (>= 4.3) - restriction: || (&& (< monoandroid) (< net45) (>= netstandard1.0) (< netstandard1.3) (< win8) (< wp8) (< wpa81)) (&& (< monoandroid) (< net45) (>= netstandard1.3) (< netstandard1.5) (< win8) (< wpa81)) (&& (< monotouch) (< net45) (>= netstandard1.5) (< win8) (< wpa81) (< xamarinios) (< xamarinmac) (< xamarintvos) (< xamarinwatchos))
    System.Reflection.Primitives (4.3) - restriction: || (&& (< monoandroid) (< net45) (< netstandard1.3) (>= netstandard2.0) (< win8) (< wpa81)) (&& (< monoandroid) (< net45) (< netstandard1.5) (>= netstandard2.0) (< win8) (< wpa81)) (&& (< monoandroid) (< netstandard1.3) (>= netstandard2.1)) (&& (< monoandroid) (< netstandard1.5) (>= netstandard2.1)) (&& (< net45) (>= netstandard2.0) (< netstandard2.1) (< win8) (< wpa81) (< xamarintvos) (< xamarinwatchos)) (&& (< net6.0) (>= netstandard2.1) (< xamarinios) (< xamarinmac) (< xamarintvos) (< xamarinwatchos))
      Microsoft.NETCore.Platforms (>= 1.1) - restriction: && (< monoandroid) (< monotouch) (< net45) (>= netstandard1.0) (< win8) (< wp8) (< wpa81) (< xamarinios) (< xamarinmac) (< xamarintvos) (< xamarinwatchos)
      Microsoft.NETCore.Targets (>= 1.1) - restriction: && (< monoandroid) (< monotouch) (< net45) (>= netstandard1.0) (< win8) (< wp8) (< wpa81) (< xamarinios) (< xamarinmac) (< xamarintvos) (< xamarinwatchos)
      System.Runtime (>= 4.3) - restriction: && (< monoandroid) (< monotouch) (< net45) (>= netstandard1.0) (< win8) (< wp8) (< wpa81) (< xamarinios) (< xamarinmac) (< xamarintvos) (< xamarinwatchos)
    System.Resources.ResourceManager (4.3) - restriction: && (< monoandroid) (< net45) (>= netstandard2.0) (< win8) (< wpa81) (< xamarinios) (< xamarinmac) (< xamarintvos) (< xamarinwatchos)
      Microsoft.NETCore.Platforms (>= 1.1) - restriction: && (< monoandroid) (< monotouch) (< net45) (>= netstandard1.0) (< win8) (< wp8) (< wpa81) (< xamarinios) (< xamarinmac) (< xamarintvos) (< xamarinwatchos)
      Microsoft.NETCore.Targets (>= 1.1) - restriction: && (< monoandroid) (< monotouch) (< net45) (>= netstandard1.0) (< win8) (< wp8) (< wpa81) (< xamarinios) (< xamarinmac) (< xamarintvos) (< xamarinwatchos)
      System.Globalization (>= 4.3) - restriction: && (< monoandroid) (< monotouch) (< net45) (>= netstandard1.0) (< win8) (< wp8) (< wpa81) (< xamarinios) (< xamarinmac) (< xamarintvos) (< xamarinwatchos)
      System.Reflection (>= 4.3) - restriction: && (< monoandroid) (< monotouch) (< net45) (>= netstandard1.0) (< win8) (< wp8) (< wpa81) (< xamarinios) (< xamarinmac) (< xamarintvos) (< xamarinwatchos)
      System.Runtime (>= 4.3) - restriction: && (< monoandroid) (< monotouch) (< net45) (>= netstandard1.0) (< win8) (< wp8) (< wpa81) (< xamarinios) (< xamarinmac) (< xamarintvos) (< xamarinwatchos)
    System.Runtime (4.3.1) - restriction: || (&& (< monoandroid) (< net45) (< netstandard1.3) (>= netstandard2.0) (< win8) (< wpa81)) (&& (< monoandroid) (< net45) (< netstandard1.5) (>= netstandard2.0) (< win8) (< wpa81)) (&& (< net45) (>= net461) (>= netstandard2.0)) (&& (< net45) (>= net463) (>= netstandard2.0)) (&& (< net45) (>= netstandard2.0) (< win8) (< wpa81) (< xamarintvos) (< xamarinwatchos)) (&& (< net46) (>= net461) (>= netstandard2.0)) (&& (< net46) (>= net463) (>= netstandard2.0)) (&& (< net462) (>= netstandard2.0) (< xamarintvos) (< xamarinwatchos)) (&& (>= net463) (< net472) (>= netstandard2.0)) (&& (>= net463) (< netstandard1.4) (>= netstandard2.0)) (>= netstandard2.1)
      Microsoft.NETCore.Platforms (>= 1.1.1) - restriction: || (&& (< monoandroid) (< net45) (>= netstandard1.0) (< netstandard1.2) (< win8) (< wp8)) (&& (< monoandroid) (< net45) (>= netstandard1.2) (< netstandard1.3) (< win8) (< wpa81)) (&& (< monoandroid) (< net45) (>= netstandard1.3) (< netstandard1.5) (< win8) (< wpa81)) (&& (< monotouch) (< net45) (>= netstandard1.5) (< win8) (< wpa81) (< xamarinios) (< xamarinmac) (< xamarintvos) (< xamarinwatchos))
      Microsoft.NETCore.Targets (>= 1.1.3) - restriction: || (&& (< monoandroid) (< net45) (>= netstandard1.0) (< netstandard1.2) (< win8) (< wp8)) (&& (< monoandroid) (< net45) (>= netstandard1.2) (< netstandard1.3) (< win8) (< wpa81)) (&& (< monoandroid) (< net45) (>= netstandard1.3) (< netstandard1.5) (< win8) (< wpa81)) (&& (< monotouch) (< net45) (>= netstandard1.5) (< win8) (< wpa81) (< xamarinios) (< xamarinmac) (< xamarintvos) (< xamarinwatchos))
    System.Runtime.Caching (8.0) - restriction: || (&& (< net462) (>= netstandard2.0)) (>= netstandard2.1)
      System.Configuration.ConfigurationManager (>= 8.0) - restriction: >= netstandard2.0
    System.Runtime.CompilerServices.Unsafe (6.0) - restriction: || (&& (>= monoandroid) (< netstandard1.1) (>= netstandard2.0)) (&& (< monoandroid) (>= netcoreapp2.0) (< netcoreapp2.1)) (&& (< monoandroid) (< netstandard1.0) (>= netstandard2.0) (< win8)) (&& (< monoandroid) (< netstandard1.1) (>= netstandard2.0) (< win8)) (&& (>= monotouch) (>= netstandard2.0)) (&& (< net45) (< netcoreapp2.0) (>= netstandard2.0)) (&& (< net45) (< netcoreapp2.1) (>= netstandard2.0) (< xamarinios) (< xamarinmac) (< xamarintvos) (< xamarinwatchos)) (&& (>= net461) (>= netstandard2.0)) (>= net462) (&& (>= net6.0) (< net7.0)) (&& (>= net6.0) (< netstandard2.1)) (&& (< net6.0) (>= netstandard2.0) (>= xamarintvos)) (&& (< net6.0) (>= netstandard2.0) (>= xamarinwatchos)) (&& (< net6.0) (>= netstandard2.1)) (&& (< net6.0) (>= xamarinios)) (&& (< net6.0) (>= xamarinmac)) (&& (< netstandard1.0) (>= netstandard2.0) (>= win8)) (&& (< netstandard1.1) (>= netstandard2.0) (>= win8)) (&& (>= netstandard2.0) (< netstandard2.1)) (&& (>= netstandard2.0) (>= uap10.1)) (&& (>= netstandard2.0) (>= wp8))
    System.Runtime.Extensions (4.3.1) - restriction: && (< monoandroid) (< net45) (>= netstandard2.0) (< win8) (< wpa81) (< xamarinios) (< xamarinmac) (< xamarintvos) (< xamarinwatchos)
      Microsoft.NETCore.Platforms (>= 1.1.1) - restriction: || (&& (< monoandroid) (< net45) (>= netstandard1.0) (< netstandard1.3) (< win8) (< wp8) (< wpa81)) (&& (< monoandroid) (< net45) (>= netstandard1.3) (< netstandard1.5) (< win8) (< wpa81)) (&& (< monotouch) (< net45) (>= netstandard1.5) (< win8) (< wpa81) (< xamarinios) (< xamarinmac) (< xamarintvos) (< xamarinwatchos))
      Microsoft.NETCore.Targets (>= 1.1.3) - restriction: || (&& (< monoandroid) (< net45) (>= netstandard1.0) (< netstandard1.3) (< win8) (< wp8) (< wpa81)) (&& (< monoandroid) (< net45) (>= netstandard1.3) (< netstandard1.5) (< win8) (< wpa81)) (&& (< monotouch) (< net45) (>= netstandard1.5) (< win8) (< wpa81) (< xamarinios) (< xamarinmac) (< xamarintvos) (< xamarinwatchos))
      System.Runtime (>= 4.3.1) - restriction: || (&& (< monoandroid) (< net45) (>= netstandard1.0) (< netstandard1.3) (< win8) (< wp8) (< wpa81)) (&& (< monoandroid) (< net45) (>= netstandard1.3) (< netstandard1.5) (< win8) (< wpa81)) (&& (< monotouch) (< net45) (>= netstandard1.5) (< win8) (< wpa81) (< xamarinios) (< xamarinmac) (< xamarintvos) (< xamarinwatchos))
    System.Runtime.InteropServices.NFloat.Internal (6.0.1) - restriction: >= net6.0-ios
    System.Runtime.InteropServices.RuntimeInformation (4.3) - restriction: || (&& (>= net461) (< net472) (>= netstandard2.0)) (>= net462)
    System.Runtime.Loader (4.3) - restriction: || (&& (< net462) (>= netstandard2.0) (< netstandard2.1)) (&& (< net6.0) (>= netstandard2.1))
      System.IO (>= 4.3) - restriction: && (< monotouch) (< net462) (>= netstandard1.5) (< xamarinios) (< xamarinmac) (< xamarintvos) (< xamarinwatchos)
      System.Reflection (>= 4.3) - restriction: && (< monotouch) (< net462) (>= netstandard1.5) (< xamarinios) (< xamarinmac) (< xamarintvos) (< xamarinwatchos)
      System.Runtime (>= 4.3) - restriction: && (< monotouch) (< net462) (>= netstandard1.5) (< xamarinios) (< xamarinmac) (< xamarintvos) (< xamarinwatchos)
    System.Runtime.Serialization.Formatters (4.3) - restriction: || (&& (>= net462) (>= xamarinios)) (&& (< net6.0) (>= xamarinios))
    System.Runtime.Serialization.Primitives (4.3) - restriction: || (&& (>= net462) (>= xamarinios)) (&& (< net6.0) (>= xamarinios))
    System.Security.AccessControl (6.0.1) - restriction: || (&& (>= monoandroid) (< netstandard1.3) (>= netstandard2.0)) (&& (>= monoandroid) (< netstandard1.3) (>= netstandard2.1)) (&& (< monoandroid) (< net6.0) (>= netcoreapp2.0)) (&& (< monoandroid) (>= netcoreapp2.0) (< netstandard2.1)) (&& (>= monotouch) (>= netstandard2.0)) (&& (>= monotouch) (>= netstandard2.1)) (&& (< net46) (< netcoreapp2.0) (>= netstandard2.0)) (&& (>= net461) (>= netstandard2.0)) (&& (>= net461) (>= netstandard2.1)) (&& (< net6.0) (>= netcoreapp2.1)) (&& (< net6.0) (>= netstandard2.0) (>= xamarintvos)) (&& (< net6.0) (>= netstandard2.0) (>= xamarinwatchos)) (&& (< net6.0) (>= netstandard2.1) (>= xamarintvos)) (&& (< net6.0) (>= netstandard2.1) (>= xamarinwatchos)) (&& (< net6.0) (>= xamarinios)) (&& (< net6.0) (>= xamarinmac)) (&& (< netcoreapp2.0) (>= netstandard2.1)) (&& (>= netcoreapp2.1) (< netstandard2.1)) (&& (>= netstandard2.0) (< netstandard2.1) (>= xamarintvos)) (&& (>= netstandard2.0) (< netstandard2.1) (>= xamarinwatchos)) (&& (>= netstandard2.0) (>= uap10.1)) (&& (>= netstandard2.1) (>= uap10.1)) (&& (< netstandard2.1) (>= xamarinios)) (&& (< netstandard2.1) (>= xamarinmac))
      System.Security.Principal.Windows (>= 5.0) - restriction: || (>= net461) (&& (< net6.0) (>= netstandard2.0))
    System.Security.Cryptography.Algorithms (4.3.1) - restriction: || (&& (< net45) (>= net461) (>= netstandard2.0)) (&& (< net46) (>= net461) (>= netstandard2.0)) (&& (>= net461) (< net472) (>= netstandard2.0)) (&& (>= net461) (< netstandard1.4) (>= netstandard2.0))
      System.IO (>= 4.3) - restriction: || (&& (< monoandroid) (< net46) (>= netstandard1.3) (< netstandard1.4)) (&& (< monoandroid) (< net46) (>= netstandard1.4) (< netstandard1.6)) (&& (< monotouch) (< net46) (>= netstandard1.6) (< xamarinios) (< xamarinmac) (< xamarintvos) (< xamarinwatchos)) (>= net463)
      System.Runtime (>= 4.3) - restriction: || (&& (< monoandroid) (< net46) (>= netstandard1.3) (< netstandard1.4)) (&& (< monoandroid) (< net46) (>= netstandard1.4) (< netstandard1.6)) (&& (< monotouch) (< net46) (>= netstandard1.6) (< xamarinios) (< xamarinmac) (< xamarintvos) (< xamarinwatchos)) (>= net463)
      System.Security.Cryptography.Encoding (>= 4.3) - restriction: || (&& (< monotouch) (< net46) (>= netstandard1.6) (< xamarinios) (< xamarinmac) (< xamarintvos) (< xamarinwatchos)) (>= net463)
      System.Security.Cryptography.Primitives (>= 4.3) - restriction: || (&& (< monoandroid) (< net46) (>= netstandard1.3) (< netstandard1.4)) (&& (< monoandroid) (< net46) (>= netstandard1.4) (< netstandard1.6)) (&& (< monotouch) (< net46) (>= netstandard1.6) (< xamarinios) (< xamarinmac) (< xamarintvos) (< xamarinwatchos)) (&& (>= net46) (< netstandard1.4)) (&& (>= net461) (< netstandard1.6)) (>= net463)
    System.Security.Cryptography.Cng (5.0) - restriction: || (&& (< net462) (>= netstandard2.0) (< netstandard2.1)) (&& (< net6.0) (>= netstandard2.1))
      Microsoft.NETCore.Platforms (>= 5.0) - restriction: && (< monoandroid) (>= netcoreapp2.0) (< netcoreapp2.1) (< netstandard2.1) (< xamarintvos) (< xamarinwatchos)
      System.Formats.Asn1 (>= 5.0) - restriction: && (>= netcoreapp3.0) (< xamarinios) (< xamarinmac) (< xamarintvos) (< xamarinwatchos)
    System.Security.Cryptography.Encoding (4.3) - restriction: || (&& (< net45) (>= net461) (>= netstandard2.0)) (&& (< net46) (>= net461) (>= netstandard2.0)) (&& (>= net461) (< net472) (>= netstandard2.0)) (&& (>= net461) (< netstandard1.4) (>= netstandard2.0))
    System.Security.Cryptography.Primitives (4.3) - restriction: || (&& (< net45) (>= net461) (>= netstandard2.0)) (&& (< net45) (>= net463) (>= netstandard2.0)) (&& (< net46) (>= net461) (>= netstandard2.0)) (&& (< net46) (>= net463) (>= netstandard2.0)) (&& (>= net461) (< netstandard1.4) (>= netstandard2.0)) (&& (>= net461) (< netstandard1.6) (>= netstandard2.0)) (&& (>= net463) (< net472) (>= netstandard2.0)) (&& (>= net463) (< netstandard1.4) (>= netstandard2.0))
    System.Security.Cryptography.ProtectedData (8.0) - restriction: >= netstandard2.0
      System.Memory (>= 4.5.5) - restriction: && (< net462) (< net6.0) (>= netstandard2.0)
    System.Security.Cryptography.X509Certificates (4.3.2) - restriction: || (&& (< net45) (>= net461) (>= netstandard2.0)) (&& (>= net461) (< net472) (>= netstandard2.0))
      System.Security.Cryptography.Algorithms (>= 4.3) - restriction: || (&& (< monoandroid) (< net46) (>= netstandard1.3) (< netstandard1.4)) (&& (< monoandroid) (< net46) (>= netstandard1.4) (< netstandard1.6)) (&& (< monotouch) (< net46) (>= netstandard1.6) (< xamarinios) (< xamarinmac) (< xamarintvos) (< xamarinwatchos)) (&& (>= net46) (< netstandard1.4)) (>= net461)
      System.Security.Cryptography.Encoding (>= 4.3) - restriction: || (&& (< monoandroid) (< net46) (>= netstandard1.3) (< netstandard1.4)) (&& (< monoandroid) (< net46) (>= netstandard1.4) (< netstandard1.6)) (&& (< monotouch) (< net46) (>= netstandard1.6) (< xamarinios) (< xamarinmac) (< xamarintvos) (< xamarinwatchos)) (&& (>= net46) (< netstandard1.4)) (>= net461)
    System.Security.Principal.Windows (5.0) - restriction: || (&& (>= monoandroid) (< netstandard1.3) (>= netstandard2.0)) (&& (< monoandroid) (< net6.0) (>= netcoreapp2.0)) (&& (>= monotouch) (>= netstandard2.0)) (&& (< net46) (< netcoreapp2.0) (>= netstandard2.0)) (&& (>= net461) (>= netstandard2.0)) (&& (< net462) (>= netstandard2.0) (< netstandard2.1)) (&& (< net6.0) (>= netcoreapp2.1)) (&& (< net6.0) (>= netstandard2.0) (>= xamarintvos)) (&& (< net6.0) (>= netstandard2.0) (>= xamarinwatchos)) (&& (< net6.0) (>= netstandard2.1)) (&& (< net6.0) (>= xamarinios)) (&& (< net6.0) (>= xamarinmac)) (&& (>= netstandard2.0) (>= uap10.1))
      Microsoft.NETCore.Platforms (>= 5.0) - restriction: || (&& (>= netcoreapp2.0) (< netcoreapp2.1)) (&& (>= netcoreapp2.1) (< netcoreapp3.0))
    System.Security.SecureString (4.3) - restriction: || (&& (>= monoandroid12.0) (>= net462)) (&& (>= monoandroid12.0) (< net6.0)) (&& (>= net462) (>= xamarinios)) (&& (< net6.0) (>= xamarinios)) (>= net6.0-android) (>= net6.0-ios)
    System.Text.Encoding (4.3) - restriction: || (&& (< monoandroid) (< net45) (< netstandard1.3) (>= netstandard2.0) (< win8) (< wpa81)) (&& (< monoandroid) (< net45) (< netstandard1.5) (>= netstandard2.0) (< win8) (< wpa81)) (&& (< monoandroid) (< netstandard1.3) (>= netstandard2.1)) (&& (< monoandroid) (< netstandard1.5) (>= netstandard2.1)) (&& (< net45) (>= netstandard2.0) (< netstandard2.1) (< win8) (< wpa81) (< xamarintvos) (< xamarinwatchos)) (&& (< net6.0) (>= netstandard2.1) (< xamarinios) (< xamarinmac) (< xamarintvos) (< xamarinwatchos))
      Microsoft.NETCore.Platforms (>= 1.1) - restriction: || (&& (< monoandroid) (< monotouch) (< net45) (>= netstandard1.3) (< win8) (< wpa81) (< xamarinios) (< xamarinmac) (< xamarintvos) (< xamarinwatchos)) (&& (< monoandroid) (< net45) (>= netstandard1.0) (< netstandard1.3) (< win8) (< wp8) (< wpa81))
      Microsoft.NETCore.Targets (>= 1.1) - restriction: || (&& (< monoandroid) (< monotouch) (< net45) (>= netstandard1.3) (< win8) (< wpa81) (< xamarinios) (< xamarinmac) (< xamarintvos) (< xamarinwatchos)) (&& (< monoandroid) (< net45) (>= netstandard1.0) (< netstandard1.3) (< win8) (< wp8) (< wpa81))
      System.Runtime (>= 4.3) - restriction: || (&& (< monoandroid) (< monotouch) (< net45) (>= netstandard1.3) (< win8) (< wpa81) (< xamarinios) (< xamarinmac) (< xamarintvos) (< xamarinwatchos)) (&& (< monoandroid) (< net45) (>= netstandard1.0) (< netstandard1.3) (< win8) (< wp8) (< wpa81))
    System.Text.Encoding.CodePages (8.0) - restriction: || (&& (< net462) (>= netstandard2.0) (< netstandard2.1)) (&& (< net6.0) (>= netstandard2.1))
      System.Memory (>= 4.5.5) - restriction: || (>= net462) (&& (< net6.0) (>= netstandard2.0))
      System.Runtime.CompilerServices.Unsafe (>= 6.0) - restriction: || (>= net462) (&& (>= net6.0) (< net7.0)) (&& (< net6.0) (>= netstandard2.0))
    System.Text.Encodings.Web (8.0) - restriction: || (>= net462) (>= netstandard2.0)
      System.Buffers (>= 4.5.1) - restriction: || (>= net462) (&& (< net6.0) (>= netstandard2.0))
      System.Memory (>= 4.5.5) - restriction: || (>= net462) (&& (< net6.0) (>= netstandard2.0))
      System.Runtime.CompilerServices.Unsafe (>= 6.0) - restriction: || (>= net462) (&& (>= net6.0) (< net7.0)) (&& (< net6.0) (>= netstandard2.0))
    System.Text.Json (8.0.3) - restriction: || (>= net462) (&& (>= net6.0) (< net7.0)) (>= netstandard2.0)
      System.Runtime.CompilerServices.Unsafe (>= 6.0) - restriction: || (>= net462) (&& (>= net6.0) (< net7.0)) (&& (< net6.0) (>= netstandard2.0))
      System.Text.Encodings.Web (>= 8.0) - restriction: || (>= net462) (>= netstandard2.0)
    System.Threading (4.3) - restriction: && (< monoandroid) (< net45) (>= netstandard2.0) (< win8) (< wpa81) (< xamarinios) (< xamarinmac) (< xamarintvos) (< xamarinwatchos)
      System.Runtime (>= 4.3) - restriction: || (&& (< monoandroid) (< monotouch) (< net45) (>= netstandard1.3) (< win8) (< wpa81) (< xamarinios) (< xamarinmac) (< xamarintvos) (< xamarinwatchos)) (&& (< monoandroid) (< net45) (>= netstandard1.0) (< netstandard1.3) (< win8) (< wp8) (< wpa81))
      System.Threading.Tasks (>= 4.3) - restriction: || (&& (< monoandroid) (< monotouch) (< net45) (>= netstandard1.3) (< win8) (< wpa81) (< xamarinios) (< xamarinmac) (< xamarintvos) (< xamarinwatchos)) (&& (< monoandroid) (< net45) (>= netstandard1.0) (< netstandard1.3) (< win8) (< wp8) (< wpa81))
    System.Threading.Channels (8.0) - restriction: || (&& (< net6.0) (>= netstandard2.1)) (&& (>= netstandard2.0) (< netstandard2.1))
      System.Threading.Tasks.Extensions (>= 4.5.4) - restriction: || (>= net462) (&& (>= netstandard2.0) (< netstandard2.1))
    System.Threading.Tasks (4.3) - restriction: || (&& (< monoandroid) (< net45) (< netstandard1.3) (>= netstandard2.0) (< win8) (< wpa81)) (&& (< monoandroid) (< net45) (< netstandard1.5) (>= netstandard2.0) (< win8) (< wpa81)) (&& (< monoandroid) (< net45) (>= netstandard2.0) (< win8) (< wpa81) (< xamarinios) (< xamarinmac) (< xamarintvos) (< xamarinwatchos)) (&& (< monoandroid) (< netstandard1.3) (>= netstandard2.1)) (&& (< monoandroid) (< netstandard1.5) (>= netstandard2.1)) (&& (< net45) (>= netstandard2.0) (< netstandard2.1) (< win8) (< wpa81) (< xamarintvos) (< xamarinwatchos)) (&& (< net6.0) (>= netstandard2.1) (< xamarinios) (< xamarinmac) (< xamarintvos) (< xamarinwatchos))
      Microsoft.NETCore.Platforms (>= 1.1) - restriction: || (&& (< monoandroid) (< monotouch) (< net45) (>= netstandard1.3) (< win8) (< wpa81) (< xamarinios) (< xamarinmac) (< xamarintvos) (< xamarinwatchos)) (&& (< monoandroid) (< net45) (>= netstandard1.0) (< netstandard1.3) (< win8) (< wp8) (< wpa81))
      Microsoft.NETCore.Targets (>= 1.1) - restriction: || (&& (< monoandroid) (< monotouch) (< net45) (>= netstandard1.3) (< win8) (< wpa81) (< xamarinios) (< xamarinmac) (< xamarintvos) (< xamarinwatchos)) (&& (< monoandroid) (< net45) (>= netstandard1.0) (< netstandard1.3) (< win8) (< wp8) (< wpa81))
      System.Runtime (>= 4.3) - restriction: || (&& (< monoandroid) (< monotouch) (< net45) (>= netstandard1.3) (< win8) (< wpa81) (< xamarinios) (< xamarinmac) (< xamarintvos) (< xamarinwatchos)) (&& (< monoandroid) (< net45) (>= netstandard1.0) (< netstandard1.3) (< win8) (< wp8) (< wpa81))
    System.Threading.Tasks.Extensions (4.5.4) - restriction: || (&& (>= net462) (>= netstandard2.1)) (>= netstandard2.0)
      System.Runtime.CompilerServices.Unsafe (>= 4.5.3) - restriction: || (&& (< monoandroid) (< monotouch) (< net45) (>= netstandard1.0) (< netstandard2.0) (< win8) (< wpa81) (< xamarintvos) (< xamarinwatchos)) (&& (< monoandroid) (< netstandard1.0) (>= portable-net45+win8+wp8+wpa81) (< win8)) (&& (>= net45) (< netstandard2.0)) (&& (< net45) (< netcoreapp2.1) (>= netstandard2.0) (< xamarinios) (< xamarinmac) (< xamarintvos) (< xamarinwatchos)) (>= net461) (&& (< netstandard1.0) (>= win8)) (&& (< netstandard2.0) (>= wpa81)) (>= wp8)
    System.Xml.XmlDocument (4.3) - restriction: || (&& (>= net462) (>= xamarinios)) (&& (< net6.0) (>= xamarinios))
    Xamarin.AndroidX.Annotation (1.7.1.1) - restriction: || (&& (>= monoandroid12.0) (>= net462)) (&& (>= monoandroid12.0) (< net6.0))
      Xamarin.AndroidX.Annotation.Jvm (>= 1.7.1.1) - restriction: >= monoandroid12.0
      Xamarin.AndroidX.Migration (>= 1.0.10) - restriction: && (>= monoandroid12.0) (< net6.0-android) (< net7.0-android)
      Xamarin.Kotlin.StdLib (>= 1.9.22.1) - restriction: >= monoandroid12.0
    Xamarin.AndroidX.Annotation.Experimental (1.4.1) - restriction: || (&& (>= monoandroid12.0) (>= net462)) (&& (>= monoandroid12.0) (< net6.0))
      Xamarin.Kotlin.StdLib (>= 1.9.23) - restriction: >= monoandroid12.0
    Xamarin.AndroidX.Annotation.Jvm (1.7.1.1) - restriction: || (&& (>= monoandroid12.0) (>= net462)) (&& (>= monoandroid12.0) (< net6.0))
      Xamarin.Kotlin.StdLib (>= 1.9.22.1) - restriction: >= monoandroid12.0
    Xamarin.AndroidX.Arch.Core.Common (2.2.0.7) - restriction: || (&& (>= monoandroid12.0) (>= net462)) (&& (>= monoandroid12.0) (< net6.0))
      Xamarin.AndroidX.Annotation (>= 1.7.1.1) - restriction: >= monoandroid12.0
    Xamarin.AndroidX.Arch.Core.Runtime (2.2.0.7) - restriction: || (&& (>= monoandroid12.0) (>= net462)) (&& (>= monoandroid12.0) (< net6.0))
      Xamarin.AndroidX.Annotation (>= 1.7.1.1) - restriction: >= monoandroid12.0
      Xamarin.AndroidX.Arch.Core.Common (>= 2.2.0.7 < 2.2.1) - restriction: >= monoandroid12.0
    Xamarin.AndroidX.Browser (1.8) - restriction: || (&& (>= monoandroid12.0) (>= net462)) (&& (>= monoandroid12.0) (< net6.0))
      Xamarin.AndroidX.Annotation (>= 1.7.1.1) - restriction: >= monoandroid12.0
      Xamarin.AndroidX.Annotation.Experimental (>= 1.4.0.1) - restriction: >= monoandroid12.0
      Xamarin.AndroidX.Collection (>= 1.4.0.1) - restriction: >= monoandroid12.0
      Xamarin.AndroidX.Concurrent.Futures (>= 1.1.0.18) - restriction: >= monoandroid12.0
      Xamarin.AndroidX.Core (>= 1.12.0.4) - restriction: >= monoandroid12.0
      Xamarin.AndroidX.Interpolator (>= 1.0.0.23) - restriction: >= monoandroid12.0
      Xamarin.Google.Guava.ListenableFuture (>= 1.0.0.18) - restriction: >= monoandroid12.0
    Xamarin.AndroidX.Collection (1.4.0.2) - restriction: || (&& (>= monoandroid12.0) (>= net462)) (&& (>= monoandroid12.0) (< net6.0))
      Xamarin.AndroidX.Annotation (>= 1.7.1.1) - restriction: >= monoandroid12.0
      Xamarin.AndroidX.Collection.Jvm (>= 1.4.0.1) - restriction: >= monoandroid12.0
      Xamarin.Kotlin.StdLib (>= 1.9.23) - restriction: >= monoandroid12.0
    Xamarin.AndroidX.Collection.Jvm (1.4.0.1) - restriction: || (&& (>= monoandroid12.0) (>= net462)) (&& (>= monoandroid12.0) (< net6.0))
      Xamarin.AndroidX.Annotation.Jvm (>= 1.7.1.1) - restriction: >= monoandroid12.0
      Xamarin.Kotlin.StdLib (>= 1.9.22.1) - restriction: >= monoandroid12.0
    Xamarin.AndroidX.Concurrent.Futures (1.1.0.18) - restriction: || (&& (>= monoandroid12.0) (>= net462)) (&& (>= monoandroid12.0) (< net6.0))
      Xamarin.AndroidX.Annotation (>= 1.7.1.1) - restriction: >= monoandroid12.0
      Xamarin.Google.Guava.ListenableFuture (>= 1.0.0.18) - restriction: >= monoandroid12.0
    Xamarin.AndroidX.Core (1.12.0.4) - restriction: || (&& (>= monoandroid12.0) (>= net462)) (&& (>= monoandroid12.0) (< net6.0))
      Xamarin.AndroidX.Annotation (>= 1.7.1.1) - restriction: >= monoandroid12.0
      Xamarin.AndroidX.Annotation.Experimental (>= 1.4.0.1) - restriction: >= monoandroid12.0
      Xamarin.AndroidX.Collection (>= 1.4.0.1) - restriction: >= monoandroid12.0
      Xamarin.AndroidX.Concurrent.Futures (>= 1.1.0.18) - restriction: >= monoandroid12.0
      Xamarin.AndroidX.Interpolator (>= 1.0.0.23) - restriction: >= monoandroid12.0
      Xamarin.AndroidX.Lifecycle.Runtime (>= 2.7.0.1) - restriction: >= monoandroid12.0
      Xamarin.AndroidX.VersionedParcelable (>= 1.2.0.1) - restriction: >= monoandroid12.0
      Xamarin.Kotlin.StdLib (>= 1.9.22.1) - restriction: >= monoandroid12.0
    Xamarin.AndroidX.Interpolator (1.0.0.23) - restriction: || (&& (>= monoandroid12.0) (>= net462)) (&& (>= monoandroid12.0) (< net6.0))
      Xamarin.AndroidX.Annotation (>= 1.7.1.1) - restriction: >= monoandroid12.0
    Xamarin.AndroidX.Lifecycle.Common (2.7.0.1) - restriction: || (&& (>= monoandroid12.0) (>= net462)) (&& (>= monoandroid12.0) (< net6.0))
      Xamarin.AndroidX.Annotation (>= 1.7.1.1) - restriction: >= monoandroid12.0
      Xamarin.Kotlin.StdLib (>= 1.9.22.1) - restriction: >= monoandroid12.0
      Xamarin.KotlinX.Coroutines.Android (>= 1.8.0.1) - restriction: >= monoandroid12.0
      Xamarin.KotlinX.Coroutines.Core (>= 1.8.0.1) - restriction: >= monoandroid12.0
    Xamarin.AndroidX.Lifecycle.Runtime (2.7.0.1) - restriction: || (&& (>= monoandroid12.0) (>= net462)) (&& (>= monoandroid12.0) (< net6.0))
      Xamarin.AndroidX.Annotation (>= 1.7.1.1) - restriction: >= monoandroid12.0
      Xamarin.AndroidX.Arch.Core.Common (>= 2.2.0.7) - restriction: >= monoandroid12.0
      Xamarin.AndroidX.Arch.Core.Runtime (>= 2.2.0.7) - restriction: >= monoandroid12.0
      Xamarin.AndroidX.Lifecycle.Common (>= 2.7.0.1 < 2.7.1) - restriction: >= monoandroid12.0
      Xamarin.AndroidX.ProfileInstaller.ProfileInstaller (>= 1.3.1.6) - restriction: >= monoandroid12.0
      Xamarin.Kotlin.StdLib (>= 1.9.22.1) - restriction: >= monoandroid12.0
    Xamarin.AndroidX.Migration (1.0.10) - restriction: || (&& (>= monoandroid12.0) (>= net462)) (&& (>= monoandroid12.0) (< net6.0))
    Xamarin.AndroidX.ProfileInstaller.ProfileInstaller (1.3.1.6) - restriction: || (&& (>= monoandroid12.0) (>= net462)) (&& (>= monoandroid12.0) (< net6.0))
      Xamarin.AndroidX.Annotation (>= 1.7.1.1) - restriction: >= monoandroid12.0
      Xamarin.AndroidX.Concurrent.Futures (>= 1.1.0.18) - restriction: >= monoandroid12.0
      Xamarin.AndroidX.Startup.StartupRuntime (>= 1.1.1.11) - restriction: >= monoandroid12.0
      Xamarin.Google.Guava.ListenableFuture (>= 1.0.0.18) - restriction: >= monoandroid12.0
    Xamarin.AndroidX.Startup.StartupRuntime (1.1.1.11) - restriction: || (&& (>= monoandroid12.0) (>= net462)) (&& (>= monoandroid12.0) (< net6.0))
      Xamarin.AndroidX.Annotation (>= 1.7.1.1) - restriction: >= monoandroid12.0
      Xamarin.AndroidX.Tracing.Tracing (>= 1.2.0.1) - restriction: >= monoandroid12.0
    Xamarin.AndroidX.Tracing.Tracing (1.2.0.1) - restriction: || (&& (>= monoandroid12.0) (>= net462)) (&& (>= monoandroid12.0) (< net6.0))
      Xamarin.AndroidX.Annotation (>= 1.7.1.1) - restriction: >= monoandroid12.0
    Xamarin.AndroidX.VersionedParcelable (1.2.0.1) - restriction: || (&& (>= monoandroid12.0) (>= net462)) (&& (>= monoandroid12.0) (< net6.0))
      Xamarin.AndroidX.Annotation (>= 1.7.1.1) - restriction: >= monoandroid12.0
      Xamarin.AndroidX.Collection (>= 1.4.0.1) - restriction: >= monoandroid12.0
    Xamarin.Google.Guava.ListenableFuture (1.0.0.18) - restriction: || (&& (>= monoandroid12.0) (>= net462)) (&& (>= monoandroid12.0) (< net6.0))
    Xamarin.Jetbrains.Annotations (24.1.0.2) - restriction: || (&& (>= monoandroid12.0) (>= net462)) (&& (>= monoandroid12.0) (< net6.0))
    Xamarin.Kotlin.StdLib (1.9.23) - restriction: || (&& (>= monoandroid12.0) (>= net462)) (&& (>= monoandroid12.0) (< net6.0))
      Xamarin.Jetbrains.Annotations (>= 24.1.0.2) - restriction: >= monoandroid12.0
    Xamarin.KotlinX.Coroutines.Android (1.8.0.1) - restriction: || (&& (>= monoandroid12.0) (>= net462)) (&& (>= monoandroid12.0) (< net6.0))
      Xamarin.Kotlin.StdLib (>= 1.9.22.1) - restriction: >= monoandroid12.0
      Xamarin.KotlinX.Coroutines.Core.Jvm (>= 1.8.0.1) - restriction: >= monoandroid12.0
    Xamarin.KotlinX.Coroutines.Core (1.8.0.1) - restriction: || (&& (>= monoandroid12.0) (>= net462)) (&& (>= monoandroid12.0) (< net6.0))
      Xamarin.KotlinX.Coroutines.Core.Jvm (>= 1.8.0.1) - restriction: >= monoandroid12.0
    Xamarin.KotlinX.Coroutines.Core.Jvm (1.8.0.1) - restriction: || (&& (>= monoandroid12.0) (>= net462)) (&& (>= monoandroid12.0) (< net6.0))
      Xamarin.Jetbrains.Annotations (>= 24.1.0.2) - restriction: >= monoandroid12.0
      Xamarin.Kotlin.StdLib (>= 1.9.22.1) - restriction: >= monoandroid12.0
